PATH
  remote: .
  specs:
    tasks_cli (0.1.2)
      csv (~> 3.0)
      logger (~> 1.5)
      ostruct (~> 0.3.0)
      rainbow (~> 3.0)
      thor (~> 1.0)
      tty-table (~> 0.12.0)

GEM
  remote: https://rubygems.org/
  specs:
    csv (3.2.8)
    diff-lcs (1.5.1)
    logger (1.6.1)
    ostruct (0.3.3)
    pastel (0.8.0)
      tty-color (~> 0.5)
    rainbow (3.1.1)
    rake (12.3.3)
    rspec (3.13.0)
      rspec-core (~> 3.13.0)
      rspec-expectations (~> 3.13.0)
      rspec-mocks (~> 3.13.0)
    rspec-core (3.13.1)
      rspec-support (~> 3.13.0)
    rspec-expectations (3.13.3)
      diff-lcs (>= 1.2.0, < 2.0)
      rspec-support (~> 3.13.0)
    rspec-mocks (3.13.1)
      diff-lcs (>= 1.2.0, < 2.0)
      rspec-support (~> 3.13.0)
    rspec-support (3.13.1)
    strings (0.2.1)
      strings-ansi (~> 0.2)
      unicode-display_width (>= 1.5, < 3.0)
      unicode_utils (~> 1.4)
    strings-ansi (0.2.0)
    thor (1.3.2)
    tty-color (0.6.0)
    tty-screen (0.8.2)
    tty-table (0.12.0)
      pastel (~> 0.8)
      strings (~> 0.2.0)
      tty-screen (~> 0.8)
    unicode-display_width (2.6.0)
    unicode_utils (1.4.0)

PLATFORMS
  arm64-darwin-23
  ruby

DEPENDENCIES
  rake (~> 12.0)
  rspec (~> 3.0)
  tasks_cli!

BUNDLED WITH
   2.5.16
